PATH
  remote: .
  specs:
    ciphersweet (0.1.0)

GEM
  remote: https://rubygems.org/
  specs:
    byebug (11.1.1)
    minitest (5.14.0)
    minitest-focus (1.1.2)
      minitest (>= 4, < 6)
    rake (12.3.3)

PLATFORMS
  ruby

DEPENDENCIES
  byebug
  ciphersweet!
  minitest (~> 5.0)
  minitest-focus
  rake (~> 12.0)

BUNDLED WITH
   2.1.4
